GEM
  remote: https://rubygems.org/
  specs:
    awesome_print (1.2.0)
    aws-flow (1.0.8)
      aws-flow-core (>= 1.0.1)
      aws-sdk (~> 1)
    aws-flow-core (1.0.1)
    aws-sdk (1.38.0)
      json (~> 1.4)
      nokogiri (>= 1.4.4)
      uuidtools (~> 2.1)
    aws-sdk-core (2.0.0.rc6)
      builder (~> 3.0)
      jamespath
      multi_json (~> 1.0)
      multi_xml (~> 0.5)
    builder (3.2.2)
    coderay (1.1.0)
    inifile (2.0.2)
    jamespath (0.5.0)
    json (1.8.1)
    method_source (0.8.2)
    mini_portile (0.5.3)
    multi_json (1.9.2)
    multi_xml (0.5.5)
    nokogiri (1.6.1)
      mini_portile (~> 0.5.0)
    pry (0.9.12.6)
      coderay (~> 1.0)
      method_source (~> 0.8)
      slop (~> 3.4)
    slop (3.5.0)
    uuidtools (2.1.4)

PLATFORMS
  ruby

DEPENDENCIES
  awesome_print
  aws-flow
  aws-sdk-core (~> 2.0.0.rc1)
  inifile
  pry
