GEM
  remote: https://rubygems.org/
  specs:
    awesome_print (1.1.0)
    aws-sdk-core (2.0.0.rc4)
      builder (~> 3.0)
      jamespath
      multi_json (~> 1.0)
      multi_xml (~> 0.5)
    builder (3.2.2)
    coderay (1.1.0)
    inifile (2.0.2)
    jamespath (0.5.0)
    method_source (0.8.2)
    multi_json (1.8.4)
    multi_xml (0.5.5)
    pry (0.9.12.3)
      coderay (~> 1.0)
      method_source (~> 0.8)
      slop (~> 3.4)
    slop (3.4.6)

PLATFORMS
  ruby

DEPENDENCIES
  awesome_print
  aws-sdk-core (~> 2.0.0.rc1)
  inifile
  pry
